GIT
  remote: https://github.com/poggs/activerecord-import
  revision: d663b72c11bd3cbf40d4c21d7c896c3ee4b10828
  specs:
    activerecord-import (0.2.9)

GEM
  remote: http://rubygems.org/
  specs:
    Ascii85 (1.0.2)
    actionmailer (3.2.6)
      actionpack (= 3.2.6)
      mail (~> 2.4.4)
    actionpack (3.2.6)
      activemodel (= 3.2.6)
      activesupport (= 3.2.6)
      builder (~> 3.0.0)
      erubis (~> 2.7.0)
      journey (~> 1.0.1)
      rack (~> 1.4.0)
      rack-cache (~> 1.2)
      rack-test (~> 0.6.1)
      sprockets (~> 2.1.3)
    activemodel (3.2.6)
      activesupport (= 3.2.6)
      builder (~> 3.0.0)
    activerecord (3.2.6)
      activemodel (= 3.2.6)
      activesupport (= 3.2.6)
      arel (~> 3.0.2)
      tzinfo (~> 0.3.29)
    activeresource (3.2.6)
      activemodel (= 3.2.6)
      activesupport (= 3.2.6)
    activesupport (3.2.6)
      i18n (~> 0.6)
      multi_json (~> 1.0)
    afm (0.2.0)
    amq-client (1.0.2)
      amq-protocol (>= 1.2.0)
      eventmachine
    amq-protocol (1.7.0)
    amqp (1.0.2)
      amq-client (~> 1.0.2)
      amq-protocol (>= 1.3.0)
      eventmachine
    arel (3.0.2)
    asset_sync (1.0.0)
      activemodel
      fog (>= 1.8.0)
    bcrypt-ruby (3.1.1)
    builder (3.0.4)
    capybara (2.1.0)
      mime-types (>= 1.16)
      nokogiri (>= 1.3.3)
      rack (>= 1.0.0)
      rack-test (>= 0.5.4)
      xpath (~> 2.0)
    coderay (1.0.9)
    coffee-rails (3.2.2)
      coffee-script (>= 2.2.0)
      railties (~> 3.2.0)
    coffee-script (2.2.0)
      coffee-script-source
      execjs
    coffee-script-source (1.6.3)
    cucumber (1.3.6)
      builder (>= 2.1.2)
      diff-lcs (>= 1.1.3)
      gherkin (~> 2.12.0)
      multi_json (~> 1.7.5)
      multi_test (>= 0.0.2)
    cucumber-rails (1.3.1)
      capybara (>= 1.1.2)
      cucumber (>= 1.2.0)
      nokogiri (>= 1.5.0)
      rails (~> 3.0)
    database_cleaner (1.1.1)
    devise (3.0.2)
      bcrypt-ruby (~> 3.0)
      orm_adapter (~> 0.1)
      railties (>= 3.2.6, < 5)
      warden (~> 1.2.3)
    diff-lcs (1.2.4)
    erubis (2.7.0)
    eventmachine (1.0.3)
    excon (0.25.3)
    execjs (1.4.0)
      multi_json (~> 1.0)
    fastercsv (1.5.5)
    ffi (1.9.0)
    fog (1.14.0)
      builder
      excon (~> 0.25.0)
      formatador (~> 0.2.0)
      mime-types
      multi_json (~> 1.0)
      net-scp (~> 1.1)
      net-ssh (>= 2.1.3)
      nokogiri (~> 1.5)
      ruby-hmac
    formatador (0.2.4)
    gherkin (2.12.1)
      multi_json (~> 1.3)
    guard (1.8.2)
      formatador (>= 0.2.4)
      listen (>= 1.0.0)
      lumberjack (>= 1.0.2)
      pry (>= 0.9.10)
      thor (>= 0.14.6)
    guard-rspec (3.0.2)
      guard (>= 1.8)
      rspec (~> 2.13)
    hashery (2.1.0)
    hike (1.2.3)
    i18n (0.6.4)
    journey (1.0.4)
    jquery-rails (3.0.4)
      railties (>= 3.0, < 5.0)
      thor (>= 0.14, < 2.0)
    json (1.8.0)
    libnotify (0.8.1)
      ffi (>= 1.0.11)
    libv8 (3.11.8.17)
    listen (1.2.3)
      rb-fsevent (>= 0.9.3)
      rb-inotify (>= 0.9)
      rb-kqueue (>= 0.2)
    lumberjack (1.0.4)
    macaddr (1.6.1)
      systemu (~> 2.5.0)
    mail (2.4.4)
      i18n (>= 0.4.0)
      mime-types (~> 1.16)
      treetop (~> 1.4.8)
    method_source (0.8.2)
    mime-types (1.23)
    mini_portile (0.5.1)
    multi_json (1.7.9)
    multi_test (0.0.2)
    net-scp (1.1.2)
      net-ssh (>= 2.6.5)
    net-ssh (2.6.8)
    nokogiri (1.6.0)
      mini_portile (~> 0.5.0)
    oj (2.5.4)
    orm_adapter (0.4.0)
    pdf-reader (1.3.3)
      Ascii85 (~> 1.0.0)
      afm (~> 0.2.0)
      hashery (~> 2.0)
      ruby-rc4
      ttfunk
    pg (0.16.0)
    polyglot (0.3.3)
    prawn (0.12.0)
      pdf-reader (>= 0.9.0)
      ttfunk (~> 1.0.2)
    pry (0.9.12.2)
      coderay (~> 1.0.5)
      method_source (~> 0.8)
      slop (~> 3.4)
    rack (1.4.5)
    rack-cache (1.2)
      rack (>= 0.4)
    rack-ssl (1.3.3)
      rack
    rack-test (0.6.2)
      rack (>= 1.0)
    rails (3.2.6)
      actionmailer (= 3.2.6)
      actionpack (= 3.2.6)
      activerecord (= 3.2.6)
      activeresource (= 3.2.6)
      activesupport (= 3.2.6)
      bundler (~> 1.0)
      railties (= 3.2.6)
    railties (3.2.6)
      actionpack (= 3.2.6)
      activesupport (= 3.2.6)
      rack-ssl (~> 1.3.2)
      rake (>= 0.8.7)
      rdoc (~> 3.4)
      thor (>= 0.14.6, < 2.0)
    rake (0.9.2.2)
    rb-fsevent (0.9.3)
    rb-inotify (0.9.1)
      ffi (>= 0.5.0)
    rb-kqueue (0.2.0)
      ffi (>= 0.5.0)
    rdoc (3.12.2)
      json (~> 1.4)
    redis (3.0.4)
    ref (1.0.5)
    rspec (2.14.1)
      rspec-core (~> 2.14.0)
      rspec-expectations (~> 2.14.0)
      rspec-mocks (~> 2.14.0)
    rspec-core (2.14.4)
    rspec-expectations (2.14.1)
      diff-lcs (>= 1.1.3, < 2.0)
    rspec-mocks (2.14.3)
    rspec-rails (2.14.0)
      actionpack (>= 3.0)
      activesupport (>= 3.0)
      railties (>= 3.0)
      rspec-core (~> 2.14.0)
      rspec-expectations (~> 2.14.0)
      rspec-mocks (~> 2.14.0)
    ruby-hmac (0.4.0)
    ruby-progressbar (1.1.1)
    ruby-rc4 (0.1.5)
    sass (3.2.10)
    sass-rails (3.2.6)
      railties (~> 3.2.0)
      sass (>= 3.1.10)
      tilt (~> 1.3)
    slop (3.4.6)
    sprockets (2.1.3)
      hike (~> 1.2)
      rack (~> 1.0)
      tilt (~> 1.1, != 1.3.0)
    systemu (2.5.2)
    text (1.2.1)
    therubyracer (0.11.4)
      libv8 (~> 3.11.8.12)
      ref
    thor (0.18.1)
    tilt (1.4.1)
    treetop (1.4.14)
      polyglot
      polyglot (>= 0.3.1)
    ttfunk (1.0.3)
    tzinfo (0.3.37)
    uglifier (2.1.2)
      execjs (>= 0.3.0)
      multi_json (~> 1.0, >= 1.0.2)
    uuid (2.3.7)
      macaddr (~> 1.0)
    warden (1.2.3)
      rack (>= 1.0)
    watu_table_builder (0.3.0)
    xpath (2.0.0)
      nokogiri (~> 1.3)

PLATFORMS
  ruby

DEPENDENCIES
  activerecord-import (= 0.2.9)!
  amqp (>= 0.8.3)
  asset_sync
  coffee-rails (~> 3.2.1)
  cucumber-rails
  database_cleaner
  devise
  execjs
  fastercsv
  guard-rspec (>= 0.5.7)
  jquery-rails
  json
  libnotify
  nokogiri (>= 1.5.0)
  oj (~> 2.5.4)
  pg (>= 0.11.0)
  prawn
  rails (= 3.2.6)
  rake (= 0.9.2.2)
  rb-inotify
  redis (>= 2.2.2)
  rspec-rails (>= 2.9.0)
  ruby-progressbar (>= 0.0.10)
  sass-rails (~> 3.2.3)
  text
  therubyracer
  uglifier (>= 1.0.3)
  uuid (>= 2.3.4)
  watu_table_builder
