GEM
  remote: https://rubygems.org/
  specs:
    eventmachine (1.0.3)
    pg (0.13.2)

PLATFORMS
  ruby

DEPENDENCIES
  eventmachine (= 1.0.3)
  pg (= 0.13.2)
